GEM
  remote: http://rubygems.org/
  specs:
    coderay (1.0.9)
    ffi (1.9.0)
    ffi-hdhomerun (0.6)
      ffi
      pry
    haversine (0.3.0)
    json (1.8.0)
    method_source (0.8.1)
    mime-types (1.25)
    pry (0.9.12.1)
      coderay (~> 1.0.5)
      method_source (~> 0.8)
      slop (~> 3.4)
    rest-client (1.6.7)
      mime-types (>= 1.16)
    slop (3.4.4)

PLATFORMS
  ruby

DEPENDENCIES
  ffi-hdhomerun
  haversine
  json
  rest-client
